GIT
  remote: git://github.com/jordansissel/fpm.git
  revision: afbb2663f76d8c47f45e49404de9dc68472e9d33
  specs:
    fpm (1.4.0)
      arr-pm (~> 0.0.10)
      backports (>= 2.6.2)
      cabin (>= 0.6.0)
      childprocess
      clamp (~> 0.6)
      ffi
      json (>= 1.7.7)

GEM
  remote: https://rubygems.org/
  specs:
    arr-pm (0.0.10)
      cabin (> 0)
    backports (3.6.8)
    cabin (0.8.1)
    childprocess (0.5.9)
      ffi (~> 1.0, >= 1.0.11)
    clamp (0.6.5)
    ffi (1.9.10)
    json (1.8.3)
    mixlib-shellout (2.2.6)
    rake (10.5.0)
    thor (0.19.1)
    thor-scmversion (1.7.0)
      mixlib-shellout
      thor

PLATFORMS
  ruby

DEPENDENCIES
  fpm!
  rake (~> 10.5)
  thor-scmversion (~> 1.7)

BUNDLED WITH
   1.11.2
